GEM
  remote: https://rubygems.org/
  specs:
    ethon (0.7.2)
      ffi (>= 1.3.0)
    ffi (1.9.6)
    simple_oauth (0.3.1)
    typhoeus (0.7.1)
      ethon (>= 0.7.1)

PLATFORMS
  ruby

DEPENDENCIES
  simple_oauth
  typhoeus
